GEM
  remote: https://rubygems.org/
  specs:
    json-stream (0.2.1)

PLATFORMS
  ruby

DEPENDENCIES
  json-stream

BUNDLED WITH
   1.11.0
